PATH
  remote: .
  specs:
    cloudcycler (2.0.0beta)
      aws-sdk (~> 1.58, < 2.0)
      json (~> 1.7, < 2.0)
      trollop

GEM
  remote: https://rubygems.org/
  specs:
    aws-sdk (1.59.0)
      aws-sdk-v1 (= 1.59.0)
    aws-sdk-v1 (1.59.0)
      json (~> 1.4)
      nokogiri (>= 1.4.4)
    json (1.8.1)
    mini_portile2 (2.4.0)
    nokogiri (1.10.8)
      mini_portile2 (~> 2.4.0)
    rake (13.0.1)
    trollop (2.0)

PLATFORMS
  ruby

DEPENDENCIES
  bundler (~> 1.7)
  cloudcycler!
  rake (~> 13.0)
